GEM
  remote: http://rubygems.org/
  specs:
    albacore (0.2.7)
      rubyzip (~> 0.9)
    rubyzip (0.9.5)
    version_bumper (0.3.0)

PLATFORMS
  x86-mingw32

DEPENDENCIES
  albacore
  version_bumper
